GEM
  remote: https://rubygems.org/
  specs:
    byebug (11.1.3)
    diff-lcs (1.5.0)
    json (2.3.0)
    pg (1.3.1)
    rack (2.2.3)
    rack-test (1.1.0)
      rack (>= 1.0, < 3)
    rspec (3.10.0)
      rspec-core (~> 3.10.0)
      rspec-expectations (~> 3.10.0)
      rspec-mocks (~> 3.10.0)
    rspec-core (3.10.2)
      rspec-support (~> 3.10.0)
    rspec-expectations (3.10.2)
      diff-lcs (>= 1.2.0, < 2.0)
      rspec-support (~> 3.10.0)
    rspec-mocks (3.10.3)
      diff-lcs (>= 1.2.0, < 2.0)
      rspec-support (~> 3.10.0)
    rspec-support (3.10.3)
    yaml (0.1.0)

PLATFORMS
  ruby

DEPENDENCIES
  byebug (~> 11.1.3)
  json (~> 2.3.0)
  pg (~> 1.3.1)
  rack (~> 2.2.3)
  rack-test (~> 1.1.0)
  rspec (~> 3.10.0)
  yaml (~> 0.1.0)

BUNDLED WITH
   2.1.4
